PATH
  remote: .
  specs:
    rdf-config (1.0.0)

GEM
  remote: https://rubygems.org/
  specs:
    amazing_print (1.4.0)
    ebnf (2.3.1)
      amazing_print (~> 1.4)
      htmlentities (~> 4.3)
      rdf (~> 3.2)
      scanf (~> 1.0)
      sxp (~> 1.2)
      unicode-types (~> 1.7)
    htmlentities (4.3.4)
    link_header (0.0.8)
    matrix (0.4.2)
    parslet (2.0.0)
    rdf (3.2.9)
      link_header (~> 0.0, >= 0.0.8)
    rdf-turtle (3.2.1)
      ebnf (~> 2.3)
      rdf (~> 3.2)
    rexml (3.2.5)
    scanf (1.0.0)
    sxp (1.2.3)
      matrix (~> 0.4)
      rdf (~> 3.2)
    unicode-types (1.8.0)

PLATFORMS
  x86_64-darwin-21

DEPENDENCIES
  parslet
  rdf
  rdf-config!
  rdf-turtle
  rexml

BUNDLED WITH
   2.3.7
